NUGET
  remote: https://api.nuget.org/v3/index.json
    Fable.Core (3.1.5) - restriction: && (< net46) (>= netstandard2.0)
      FSharp.Core (>= 4.7) - restriction: >= netstandard2.0
    FSharp.Core (4.7.2)
    Newtonsoft.Json (12.0.3) - restriction: || (>= net46) (>= netstandard2.0)
    Thoth.Json.Net (4.1)
      Fable.Core (>= 3.0 < 4.0) - restriction: && (< net46) (>= netstandard2.0)
      FSharp.Core (>= 4.6.2) - restriction: || (>= net46) (>= netstandard2.0)
      Newtonsoft.Json (>= 11.0.2) - restriction: || (>= net46) (>= netstandard2.0)
